GEM
  remote: https://rubygems.org/
  specs:
    sha3 (1.0.1)

PLATFORMS
  ruby

DEPENDENCIES
  sha3

BUNDLED WITH
   1.15.3
